GEM
  remote: https://rubygems.org/
  specs:
    ffi (1.15.4)
    filigree (0.4.1)
    rltk (3.0.1)
      ffi (>= 1.0.0)
      filigree (>= 0.2.0)

PLATFORMS
  x64-mingw-ucrt
  x86_64-linux

DEPENDENCIES
  rltk (~> 3.0)

BUNDLED WITH
   2.3.26
